PATH
  remote: .
  specs:
    array-tweaks (1.0.2)

GEM
  remote: https://rubygems.org/
  specs:
    power_assert (2.0.0)
    rake (12.3.3)
    test-unit (3.4.1)
      power_assert

PLATFORMS
  ruby

DEPENDENCIES
  array-tweaks!
  bundler (>= 1.7.0, < 3.0.0)
  rake (~> 12.3)
  test-unit (~> 3.2)

BUNDLED WITH
   2.1.4
