PATH
  remote: .
  specs:
    array-tweaks (1.0.2)

GEM
  remote: https://rubygems.org/
  specs:
    power_assert (1.1.3)
    rake (12.3.1)
    test-unit (3.2.8)
      power_assert

PLATFORMS
  ruby

DEPENDENCIES
  array-tweaks!
  bundler (~> 1.7)
  rake (~> 12.3)
  test-unit (~> 3.2)

BUNDLED WITH
   1.16.5
